GIT
  remote: https://github.com/rodjek/rspec-puppet.git
  revision: 99fc83144ceb2c14ad5b5a9428b7ad57eca659ee
  specs:
    rspec-puppet (2.5.0)
      rspec

GEM
  remote: https://rubygems.org/
  specs:
    concurrent-ruby (1.1.8)
    deep_merge (1.2.1)
    diff-lcs (1.3)
    docile (1.1.5)
    facter (4.0.52)
      hocon (~> 1.3)
      thor (>= 1.0.1, < 2.0)
    facterdb (0.3.10)
      facter
      jgrep
    fast_gettext (1.8.0)
    hiera (3.7.0)
    hocon (1.3.1)
    httpclient (2.8.3)
    jgrep (1.4.1)
      json
    json (2.1.0)
    locale (2.1.3)
    mcollective-client (2.10.4)
      json
      stomp
      systemu
    metaclass (0.0.4)
    mocha (1.2.1)
      metaclass (~> 0.0.1)
    multi_json (1.15.0)
    puppet (6.13.0)
      concurrent-ruby (~> 1.0)
      deep_merge (~> 1.0)
      facter (> 2.0.1, < 5)
      fast_gettext (~> 1.1)
      hiera (>= 3.2.1, < 4)
      httpclient (~> 2.8)
      locale (~> 2.1)
      multi_json (~> 1.10)
      puppet-resource_api (~> 1.5)
      semantic_puppet (~> 1.0)
    puppet-lint (2.2.1)
    puppet-resource_api (1.8.13)
      hocon (>= 1.0)
    puppet-syntax (2.4.0)
      rake
    puppetlabs_spec_helper (2.1.5)
      mocha (~> 1.0)
      puppet-lint (~> 2.0)
      puppet-syntax (~> 2.0)
      rspec-puppet (~> 2.0)
    rake (12.0.0)
    rspec (3.6.0)
      rspec-core (~> 3.6.0)
      rspec-expectations (~> 3.6.0)
      rspec-mocks (~> 3.6.0)
    rspec-core (3.6.0)
      rspec-support (~> 3.6.0)
    rspec-expectations (3.6.0)
      diff-lcs (>= 1.2.0, < 2.0)
      rspec-support (~> 3.6.0)
    rspec-mocks (3.6.0)
      diff-lcs (>= 1.2.0, < 2.0)
      rspec-support (~> 3.6.0)
    rspec-puppet-facts (1.7.1)
      facter
      facterdb (>= 0.3.0)
      json
      mcollective-client
      puppet
    rspec-support (3.6.0)
    semantic_puppet (1.0.3)
    simplecov (0.14.1)
      docile (~> 1.1.0)
      json (>= 1.8, < 3)
      simplecov-html (~> 0.10.0)
    simplecov-html (0.10.1)
    stomp (1.4.4)
    systemu (2.6.5)
    thor (1.1.0)

PLATFORMS
  ruby

DEPENDENCIES
  puppet (>= 2.7)
  puppet-lint
  puppetlabs_spec_helper
  rake
  rspec-puppet!
  rspec-puppet-facts
  simplecov

BUNDLED WITH
   1.13.6
